##TITLE=Parameter List, ParaVision 360 V3.4
##JCAMPDX=4.24
##DATATYPE=Parameter Values
##ORIGIN=Bruker BioSpin MRI GmbH
##OWNER=pciuser
$$ Write Options: Symbolic Enums, RLE encoded arrays, symbol visibility
$$ 2023-07-25 12:11:21.726 +0200  pciuser@czc1517b9t
$$ /opt/nmrdata/PV-360.3.4/data/pciuser/20230725_101641_Eppendorf_Difussion_scaffold_d2o_1_1/23/pdata/1/visu_pars
$$ process /opt/PV-360.3.4/prog/bin/parxserver
##$VisuVersion=7
##$VisuUid=( 65 )
<2.16.756.5.5.200.8323328.16536.1690277878.2707>
##$VisuCreator=( 65 )
<ParaVision>
##$VisuCreatorVersion=( 195 )
<360.3.4>
##$VisuCreationDate=<2023-07-25T12:11:21,594+0200>
##$VisuInstanceType=STANDARD_INSTANCE
##$VisuInstanceModality=( 65 )
<MR>
##$VisuInstanceDeIdentified=No
##$VisuCoreFrameCount=1
##$VisuCoreDim=2
##$VisuCoreSize=( 2 )
192 192
##$VisuCoreDimDesc=( 2 )
spatial spatial
##$VisuCoreExtent=( 2 )
14.026 39.7403
##$VisuCoreFrameThickness=( 1 )
11
##$VisuCoreUnits=( 2, 65 )
<mm> <mm>
##$VisuCoreOrientation=( 1, 9 )
0 1 0 0 0 -1 -1 0 0
##$VisuCorePosition=( 1, 3 )
0 -12.14287 23.31171
##$VisuCoreModalityOffset=( 1, 3 )
0 0 0
##$VisuCoreAtsCenterDistance=293.919632625157
##$VisuCoreDataMin=( 1 )
63.8092323200134
##$VisuCoreDataMax=( 1 )
32766.5
##$VisuCoreDataOffs=( 1 )
0
##$VisuCoreDataSlope=( 1 )
0.0344433727183441
##$VisuCoreFrameType=( 1 )
MAGNITUDE_IMAGE
##$VisuCoreSlicePacksDef=(-1, 1)
##$VisuCoreSlicePacksSlices=( 1 )
(0, 1)
##$VisuCoreSlicePacksSliceDist=( 1 )
11
##$VisuCoreWordType=_16BIT_SGN_INT
##$VisuCoreByteOrder=littleEndian
##$VisuSubjectName=( 65 )
<Eppendorf^^^^>
##$VisuSubjectId=( 65 )
<Eppendorf>
##$VisuSubjectUid=( 65 )
<2.16.756.5.5.200.8323328.16536.1690273001.1601>
##$VisuSubjectInstanceCreationDate=(1690273001, 358, 120)
##$VisuSubjectBirthDate=( 9 )
<20230725>
##$VisuSubjectSex=UNDEFINED
##$VisuSubjectType=Other
##$VisuStudyUid=( 65 )
<2.16.756.5.5.200.8323328.16536.1690273001.1602>
##$VisuStudyDate=<2023-07-25T10:16:41,358+0200>
##$VisuStudyId=( 65 )
<Difussion_scaffold_d2o>
##$VisuStudyNumber=1
##$VisuSubjectWeight=0.001
##$VisuStudyReferringPhysician=( 65 )
<pciuser>
##$VisuExperimentNumber=23
##$VisuProcessingNumber=1
##$VisuSeriesDate=<2023-07-25T12:11:21,594+0200>
##$VisuSubjectPosition=Head_Supine
##$VisuSeriesTypeId=( 65 )
<ACQ_BRUKER_PVM>
##$VisuSeriesCreationId=VCMN_ACQUISITION
##$VisuSeriesExperimentComment=( 65 )
<T1_FLASH>
##$VisuSeriesFrameOfReferenceUid=( 65 )
<2.16.756.5.5.200.8323328.16536.1690273001.1602>
##$VisuManufacturer=( 65 )
<Bruker BioSpin MRI GmbH>
##$VisuAcqSoftwareVersion=( 65 )
<PV-360.3.4>
##$VisuInstitution=( 65 )
<Fundació Institut de Bioenginyeria Barcelona>
##$VisuStation=( 65 )
<MRT30/18>
##$VisuSystemOrderNumber=( 65 )
<5059480>
##$VisuAcqDate=<2023-07-25T12:07:32,342+0200>
##$VisuAcqSequenceName=( 40 )
<Bruker:FLASH>
##$VisuAcquisitionProtocol=( 65 )
<T1_FLASH>
##$VisuAcqScanTime=227742.794181818
##$VisuAcqFrameNumbers=( 1 )
0
##$VisuCardiacSynchUsed=No
##$VisuRespSynchUsed=No
##$VisuAcqNumberOfAverages=4
##$VisuAcqRepetitionTime=( 1 )
424.893272727273
##$VisuCoilReceiveName=( 65 )
<RF RES 128 1H/13C 103/040 L/L TR>
##$VisuCoilReceiveManufacturer=( 65 )
<BMRIDE>
##$VisuCoilReceiveType=VOLUME_COIL
##$VisuCoilTransmitName=( 65 )
<RF RES 128 1H/13C 103/040 L/L TR>
##$VisuCoilTransmitManufacturer=( 65 )
<BMRIDE>
##$VisuCoilTransmitType=VOLUME_COIL
##$VisuAcqEchoTrainLength=1
##$VisuAcqImagingFrequency=127.642902532921
##$VisuAcqImagedNucleus=( 8 )
<1H>
##$VisuAcqPhaseEncSteps=134
##$VisuAcqPixelBandwidth=72.337962962963
##$VisuAcqFlipAngle=60
##$VisuMrAcqFlipAngleVariable=No
##$VisuAcqSize=( 2 )
104 134
##$VisuAcqImageSizeAccellerated=Yes
##$VisuAcqGradEncoding=( 2 )
read_enc phase_enc
##$VisuAcqEchoTime=( 1 )
9
##$VisuAcqAntiAlias=( 2 )
1 1
##$VisuAcqEchoSequenceType=GradientEcho
##$VisuAcqSpinsVelocityEncoded=No
##$VisuAcqHasTimeOfFlightContrast=No
##$VisuAcqIsEpiSequence=No
##$VisuAcqSpectralSuppression=FatSuppression
##$VisuAcqKSpaceTraversal=RectilinearTraversal
##$VisuAcqEncodingOrder=( 2 )
LinearEncoding LinearEncoding
##$VisuAcqKSpaceTrajectoryCnt=1
##$VisuAcqKSpaceFiltering=( 2 )
DICOM_NONE DICOM_NONE
##$VisuAcqFlowCompensation=FlowNone
##$VisuAcqSpoiling=GradientSpoiled
##$VisuAcqPartialFourier=( 2 )
1.5 1
##$VisuAcqParallelReductionFactor=( 2 )
1 1
##$VisuAcqMagnetizationTransfer=No
##$VisuAcqBloodSignalNulling=No
##$VisuMagneticFieldStrength=2.99800128083711
$$ @vis= Visu VisuInstance VisuVersion VisuUid VisuCreator VisuCreatorVersion
$$ @vis= VisuCreationDate VisuInstanceType VisuInstanceModality
$$ @vis= VisuInstanceDeIdentified VisuCore VisuCoreFrameCount VisuCoreDim
$$ @vis= VisuCoreSize VisuCoreDimDesc VisuCoreExtent VisuCoreFrameThickness
$$ @vis= VisuCoreUnits VisuCoreOrientation VisuCorePosition
$$ @vis= VisuCoreModalityOffset VisuCoreAtsCenterDistance VisuCoreDataMin
$$ @vis= VisuCoreDataMax VisuCoreDataOffs VisuCoreDataSlope VisuCoreFrameType
$$ @vis= VisuCoreSlicePacksDef VisuCoreSlicePacksSlices
$$ @vis= VisuCoreSlicePacksSliceDist VisuPixel VisuCoreWordType
$$ @vis= VisuCoreByteOrder VisuFrameOrderDesc VisuSubject VisuSubjectName
$$ @vis= VisuSubjectId VisuSubjectUid VisuSubjectInstanceCreationDate
$$ @vis= VisuSubjectBirthDate VisuSubjectSex VisuSubjectType VisuStudy
$$ @vis= VisuStudyUid VisuStudyDate VisuStudyId VisuStudyNumber
$$ @vis= VisuSubjectWeight VisuStudyReferringPhysician VisuSeries
$$ @vis= VisuExperimentNumber VisuProcessingNumber VisuSeriesDate
$$ @vis= VisuSubjectPosition VisuSeriesTypeId VisuSeriesCreationId
$$ @vis= VisuSeriesExperimentComment VisuSeriesFrameOfReferenceUid
$$ @vis= VisuContrastAgent VisuEquipment VisuManufacturer
$$ @vis= VisuAcqSoftwareVersion VisuInstitution VisuStation
$$ @vis= VisuSystemOrderNumber VisuAcq VisuAcqDate VisuAcqSequenceName
$$ @vis= VisuAcquisitionProtocol VisuAcqScanTime VisuAcqFrameNumbers
$$ @vis= VisuCardiacSynchUsed VisuRespSynchUsed VisuAcqNumberOfAverages
$$ @vis= VisuMxi VisuAcqRepetitionTime VisuCoilReceive VisuCoilReceiveName
$$ @vis= VisuCoilReceiveManufacturer VisuCoilReceiveType VisuCoilTransmit
$$ @vis= VisuCoilTransmitName VisuCoilTransmitManufacturer
$$ @vis= VisuCoilTransmitType VisuMri VisuAcqEchoTrainLength
$$ @vis= VisuAcqImagingFrequency VisuAcqImagedNucleus VisuAcqPhaseEncSteps
$$ @vis= VisuAcqPixelBandwidth VisuAcqFlipAngle VisuMrAcqFlipAngleVariable
$$ @vis= VisuAcqSize VisuAcqImageSizeAccellerated VisuAcqGradEncoding
$$ @vis= VisuAcqEchoTime VisuAcqAntiAlias VisuAcqEchoSequenceType
$$ @vis= VisuAcqSpinsVelocityEncoded VisuAcqHasTimeOfFlightContrast
$$ @vis= VisuAcqIsEpiSequence VisuAcqSpectralSuppression
$$ @vis= VisuAcqKSpaceTraversal VisuAcqEncodingOrder
$$ @vis= VisuAcqKSpaceTrajectoryCnt VisuAcqKSpaceFiltering
$$ @vis= VisuAcqFlowCompensation VisuAcqSpoiling VisuAcqPartialFourier
$$ @vis= VisuAcqParallelReductionFactor VisuAcqMagnetizationTransfer
$$ @vis= VisuAcqBloodSignalNulling VisuMagneticFieldStrength
##END=
$$ File finished by PARX at 2023-07-25 12:11:21.727 +0200
