##TITLE=Parameter List, ParaVision 360 V3.4
##JCAMPDX=4.24
##DATATYPE=Parameter Values
##ORIGIN=Bruker BioSpin MRI GmbH
##OWNER=pciuser
$$ Write Options: Symbolic Enums, RLE encoded arrays, symbol visibility
$$ 2023-07-25 11:20:44.000 +0200  pciuser@czc1517b9t
$$ /opt/nmrdata/PV-360.3.4/data/pciuser/20230725_101641_Eppendorf_Difussion_scaffold_d2o_1_1/11/method
$$ process /opt/PV-360.3.4/prog/bin/parxserver
##$Method=<Bruker:FLASH>
##$PVM_GeoObj=( 2, 65 )
<PVM_SliceGeoObj> <PVM_AtsRefGeoObj>
##$PVM_StudyInstrumentPosition=Head_Supine
##$PVM_ExportHandler=( 3 )
(<BRUKER_PARIMPORT_SLICEGEO>, <>, <Slice Geometry>) (<BRUKER_PARIMPORT_FOVSAT>
, <>, <FOV Saturation>) (<BRUKER_PARIMPORT_SLICEORIENT>, <>, <Slice 
Orientation>)
##$PVM_AtsBedPositionMode=ATS_POS_REFERENCE
##$PVM_AtsChangeRefPos=No
##$PVM_AtsRefGeoObj=(<BRUKER_REFPOS>, GeoPlanarId, Standard_GobjShape, 
<PVM_AtsRefGeoCub>, <>, 0, <D1;first> <D2;second> <S;slice>, No, -5)
##$PVM_AtsRefGeoCub=( 1 )
(((1 0 0 0 1 0 0 0 1, 0 0 0, 0 0 0), 50 50 0.25, <+D1;first> <+D2;second> 
<+S;slice>, 0), 1, 1, 1, 0.25, 0, No)
##$PVM_AtsRefPosTransferred=Yes
##$PVM_EchoTime=9
##$PVM_RepetitionTime=424.893272727273
##$PVM_NEchoImages=1
##$PVM_NAverages=1
##$PVM_NRepetitions=1
##$PVM_ScanTime=56935.6985454546
##$PVM_DeriveGains=Yes
##$ExcPulse1Enum=<Calculated>
##$ExcPulse1=(1, 6000, 60, Yes, 4, 6000, 0.161719944416223, 0.14067790877109, 
0, 50, 2.7410161630885, <$ExcPulse1Shape>)
##$ExcPulse1Ampl=(2.7410161630885, 11.7068701263158, -4.37911596473264)
##$PVM_GradCalConst=19585.2
##$PVM_Nucleus1Enum=<1H>
##$PVM_Nucleus1=( 8 )
<1H>
##$PVM_RefPowMod1=AutoAdj
##$PVM_RefPowCh1=0.161295139834695
##$PVM_RefPowStat1=( 1024 )
<Study: Adj by Bruker:AdjRefPowADJ_REF_POW>
##$PVM_Nucleus2Enum=<13C>
##$PVM_Nucleus3Enum=<1H>
##$PVM_Nucleus4Enum=<1H>
##$PVM_Nucleus5Enum=<1H>
##$PVM_Nucleus6Enum=<1H>
##$PVM_Nucleus7Enum=<1H>
##$PVM_Nucleus8Enum=<1H>
##$PVM_FrqRef=( 8 )
127.642902532921 0 0 0 0 0 0 0
##$PVM_FrqWorkOffset=( 8 )
0 0 0 0 0 0 0 0
##$PVM_FrqWork=( 8 )
127.642902532921 0 0 0 0 0 0 0
##$PVM_FrqRefPpm=( 8 )
4.7 0 0 0 0 0 0 0
##$PVM_FrqWorkOffsetPpm=( 8 )
0 0 0 0 0 0 0 0
##$PVM_FrqWorkPpm=( 8 )
4.7 0 0 0 0 0 0 0
##$PVM_NucleiPpmWork=( 20 )
(<1H>, 4.7) (<none>, 0) (<none>, 0) (<none>, 0) (<none>, 0) (<none>, 0) 
(<none>, 0) (<none>, 0) (<none>, 0) (<none>, 0) (<none>, 0) (<none>, 0) 
(<none>, 0) (<none>, 0) (<none>, 0) (<none>, 0) (<none>, 0) (<none>, 0) 
(<none>, 0) (<none>, 0)
##$PVM_MbEncNBands=1
##$PVM_MbEncAccelFactor=1
##$PVM_MbEncBlipFactor=1
##$PVM_EncGen3D=Yes
##$PVM_EncGen4D=Yes
##$PVM_EncGenPpi=No
##$PVM_EncGenCaipirinha=No
##$PVM_EncGenTCaipirinha=No
##$PVM_EncVirtualCoils=No
##$PVM_EncCS=No
##$PVM_EncCSUndersampling=100
##$PVM_EncCSCenterRatio=10
##$PVM_EncCSNumRef=( 2 )
64 134
##$PVM_EncCSGradOpt=No
##$PVM_EncCSEllipse=No
##$PVM_EncPftAlgorithm=Zerofilling
##$PVM_EncPpiRefScan=No
##$PVM_IsEpiScan=No
##$PVM_SpatDimEnum=<2D>
##$PVM_IsotropicFovRes=Isot_None
##$PVM_Matrix=( 2 )
192 192
##$PVM_MinMatrix=( 2 )
32 32
##$PVM_MaxMatrix=( 2 )
2048 2048
##$PVM_DefMatrix=( 3 )
128 128 64
##$PVM_AntiAlias=( 2 )
1 1
##$PVM_MaxAntiAlias=( 2 )
2 8
##$PVM_EncSpectroscopy=No
##$PVM_EncUseMultiRec=No
##$PVM_EncActReceivers=( 1 )
On
##$PVM_EncZf=( 2 )
1.34 1.44
##$PVM_EncPft=( 2 )
1.5 1
##$PVM_EncPftOverscans=( 2 )
32 67
##$PVM_EncPpi=( 2 )
1 1
##$PVM_EncPpiRefLines=( 2 )
0 0
##$PVM_EncPpiGopRefLines=( 3 )
32 24 24
##$PVM_EncOrder=( 2 )
LINEAR_ENC LINEAR_ENC
##$PVM_EncStart=( 2 )
0 -1
##$PVM_EncNReceivers=1
##$PVM_EncAvailReceivers=3
##$PVM_EncChanScaling=( 1 )
0.993
##$PVM_EncChanPhase=( 1 )
288.079
##$PVM_EncMatrix=( 2 )
104 134
##$PVM_EncTotalAccel=1.43283582089552
##$PVM_EncSteps0=( 1 )
0
##$PVM_EncSteps1=( 134 )
-67 -66 -65 -64 -63 -62 -61 -60 -59 -58 -57 -56 -55 -54 -53 -52 -51 -50 -49 
-48 -47 -46 -45 -44 -43 -42 -41 -40 -39 -38 -37 -36 -35 -34 -33 -32 -31 -30 
-29 -28 -27 -26 -25 -24 -23 -22 -21 -20 -19 -18 -17 -16 -15 -14 -13 -12 -11 
-10 -9 -8 -7 -6 -5 -4 -3 -2 -1 0 1 2 3 4 5 6 7 8 9 10 11 12 13 14 15 16 17 18 
19 20 21 22 23 24 25 26 27 28 29 30 31 32 33 34 35 36 37 38 39 40 41 42 43 44 
45 46 47 48 49 50 51 52 53 54 55 56 57 58 59 60 61 62 63 64 65 66
##$PVM_EncSteps2=( 1 )
0
##$PVM_EncCentralStep1=1
##$PVM_EncValues1=( 134 )
-0.697916666666667 -0.6875 -0.677083333333333 -0.666666666666667 -0.65625 
-0.645833333333333 -0.635416666666667 -0.625 -0.614583333333333 
-0.604166666666667 -0.59375 -0.583333333333333 -0.572916666666667 -0.5625 
-0.552083333333333 -0.541666666666667 -0.53125 -0.520833333333333 
-0.510416666666667 -0.5 -0.489583333333333 -0.479166666666667 -0.46875 
-0.458333333333333 -0.447916666666667 -0.4375 -0.427083333333333 
-0.416666666666667 -0.40625 -0.395833333333333 -0.385416666666667 -0.375 
-0.364583333333333 -0.354166666666667 -0.34375 -0.333333333333333 
-0.322916666666667 -0.3125 -0.302083333333333 -0.291666666666667 -0.28125 
-0.270833333333333 -0.260416666666667 -0.25 -0.239583333333333 
-0.229166666666667 -0.21875 -0.208333333333333 -0.197916666666667 -0.1875 
-0.177083333333333 -0.166666666666667 -0.15625 -0.145833333333333 
-0.135416666666667 -0.125 -0.114583333333333 -0.104166666666667 -0.09375 
-0.0833333333333333 -0.0729166666666667 -0.0625 -0.0520833333333333 
-0.0416666666666667 -0.03125 -0.0208333333333333 -0.0104166666666667 0 
0.0104166666666667 0.0208333333333333 0.03125 0.0416666666666667 
0.0520833333333333 0.0625 0.0729166666666667 0.0833333333333333 0.09375 
0.104166666666667 0.114583333333333 0.125 0.135416666666667 0.145833333333333 
0.15625 0.166666666666667 0.177083333333333 0.1875 0.197916666666667 
0.208333333333333 0.21875 0.229166666666667 0.239583333333333 0.25 
0.260416666666667 0.270833333333333 0.28125 0.291666666666667 
0.302083333333333 0.3125 0.322916666666667 0.333333333333333 0.34375 
0.354166666666667 0.364583333333333 0.375 0.385416666666667 0.395833333333333 
0.40625 0.416666666666667 0.427083333333333 0.4375 0.447916666666667 
0.458333333333333 0.46875 0.479166666666667 0.489583333333333 0.5 
0.510416666666667 0.520833333333333 0.53125 0.541666666666667 
0.552083333333333 0.5625 0.572916666666667 0.583333333333333 0.59375 
0.604166666666667 0.614583333333333 0.625 0.635416666666667 0.645833333333333 
0.65625 0.666666666666667 0.677083333333333 0.6875
##$PVM_EncGenSteps0=( 1 )
0
##$PVM_EncGenSteps1=( 134 )
-67 -66 -65 -64 -63 -62 -61 -60 -59 -58 -57 -56 -55 -54 -53 -52 -51 -50 -49 
-48 -47 -46 -45 -44 -43 -42 -41 -40 -39 -38 -37 -36 -35 -34 -33 -32 -31 -30 
-29 -28 -27 -26 -25 -24 -23 -22 -21 -20 -19 -18 -17 -16 -15 -14 -13 -12 -11 
-10 -9 -8 -7 -6 -5 -4 -3 -2 -1 0 1 2 3 4 5 6 7 8 9 10 11 12 13 14 15 16 17 18 
19 20 21 22 23 24 25 26 27 28 29 30 31 32 33 34 35 36 37 38 39 40 41 42 43 44 
45 46 47 48 49 50 51 52 53 54 55 56 57 58 59 60 61 62 63 64 65 66
##$PVM_EncGenSteps2=( 134 )
@134*(0)
##$PVM_EncGenValues1=( 134 )
-0.697916666666667 -0.6875 -0.677083333333333 -0.666666666666667 -0.65625 
-0.645833333333333 -0.635416666666667 -0.625 -0.614583333333333 
-0.604166666666667 -0.59375 -0.583333333333333 -0.572916666666667 -0.5625 
-0.552083333333333 -0.541666666666667 -0.53125 -0.520833333333333 
-0.510416666666667 -0.5 -0.489583333333333 -0.479166666666667 -0.46875 
-0.458333333333333 -0.447916666666667 -0.4375 -0.427083333333333 
-0.416666666666667 -0.40625 -0.395833333333333 -0.385416666666667 -0.375 
-0.364583333333333 -0.354166666666667 -0.34375 -0.333333333333333 
-0.322916666666667 -0.3125 -0.302083333333333 -0.291666666666667 -0.28125 
-0.270833333333333 -0.260416666666667 -0.25 -0.239583333333333 
-0.229166666666667 -0.21875 -0.208333333333333 -0.197916666666667 -0.1875 
-0.177083333333333 -0.166666666666667 -0.15625 -0.145833333333333 
-0.135416666666667 -0.125 -0.114583333333333 -0.104166666666667 -0.09375 
-0.0833333333333333 -0.0729166666666667 -0.0625 -0.0520833333333333 
-0.0416666666666667 -0.03125 -0.0208333333333333 -0.0104166666666667 0 
0.0104166666666667 0.0208333333333333 0.03125 0.0416666666666667 
0.0520833333333333 0.0625 0.0729166666666667 0.0833333333333333 0.09375 
0.104166666666667 0.114583333333333 0.125 0.135416666666667 0.145833333333333 
0.15625 0.166666666666667 0.177083333333333 0.1875 0.197916666666667 
0.208333333333333 0.21875 0.229166666666667 0.239583333333333 0.25 
0.260416666666667 0.270833333333333 0.28125 0.291666666666667 
0.302083333333333 0.3125 0.322916666666667 0.333333333333333 0.34375 
0.354166666666667 0.364583333333333 0.375 0.385416666666667 0.395833333333333 
0.40625 0.416666666666667 0.427083333333333 0.4375 0.447916666666667 
0.458333333333333 0.46875 0.479166666666667 0.489583333333333 0.5 
0.510416666666667 0.520833333333333 0.53125 0.541666666666667 
0.552083333333333 0.5625 0.572916666666667 0.583333333333333 0.59375 
0.604166666666667 0.614583333333333 0.625 0.635416666666667 0.645833333333333 
0.65625 0.666666666666667 0.677083333333333 0.6875
##$PVM_EncGenTotalSteps=134
##$PVM_EncGenLoopOuter=1
##$PVM_EffSWh=13888.8888888889
##$PVM_EchoPosition=30.7692307692308
##$EncGradDur=2.63130263232608
##$PVM_AcquisitionTime=7.488
##$ReadSpoiler=(No, 9.43204515333333, 12.2993019819681, 40)
##$SliceSpoiler=(No, 19.95, 0.264578262249973, 35)
##$PVM_Isotropic=Isotropic_None
##$PVM_Fov=( 2 )
14.026 39.7403
##$PVM_FovCm=( 2 )
1.4026 3.97403
##$PVM_SpatResol=( 2 )
0.0730520833333333 0.206980729166667
##$PVM_SliceThick=11
##$PVM_ObjOrderScheme=Interlaced
##$PVM_ObjOrderList=( 1 )
0
##$PVM_NSPacks=1
##$PVM_SPackArrNSlices=( 1 )
1
##$PVM_MajSliceOri=No
##$PVM_SPackArrSliceOrient=( 1 )
sagittal
##$PVM_SPackArrReadOrient=( 1 )
A_P
##$PVM_SPackArrReadOffset=( 1 )
5.12987
##$PVM_SPackArrPhase1Offset=( 1 )
3.44156
##$PVM_SPackArrPhase2Offset=( 1 )
0
##$PVM_SPackArrSliceOffset=( 1 )
0
##$PVM_SPackArrSliceGapMode=( 1 )
non_contiguous
##$PVM_SPackArrSliceGap=( 1 )
0
##$PVM_SPackArrSliceDistance=( 1 )
11
##$PVM_SPackArrGradOrient=( 1, 3, 3 )
0 1 0 0 0 1 1 0 0
##$PVM_SliceGeo=( 1 )
(((0 1 0 0 0 -1 -1 0 0, 0 5.12987 -3.44156, 0 0 0), 14.026 39.7403 11, 
<+R;read> <+P;phase> <+S;slice>, 0), 1, 1, 256, 11, 0, No)
##$PVM_SliceGeoObj=(<BRUKER_SLICEPACKAGE>, GeoCuboidPackId, Standard_GobjShape,
 <PVM_SliceGeo>, <PVM_ObjOrderList>, 0, <R;read> <P;phase> <S;slice>, Yes, 
4195848)
##$PVM_EffPhase0Offset=( 1 )
5.12987
##$PVM_EffPhase1Offset=( 1 )
3.44156
##$PVM_EffPhase2Offset=( 1 )
0
##$PVM_EffSliceOffset=( 1 )
0
##$PVM_EffReadOffset=( 1 )
5.12987
##$PVM_Phase0Offset=( 1 )
5.12987
##$PVM_Phase1Offset=( 1 )
3.44156
##$PVM_Phase2Offset=( 1 )
0
##$PVM_SliceOffset=( 1 )
0
##$PVM_ReadOffset=( 1 )
5.12987
##$PVM_MbSliceDist=0
##$PVM_MbRelSliceDist=0
##$PVM_MbSliceGeo=( 1 )
(((0 1 0 0 0 -1 -1 0 0, 0 5.12987 -3.44156, 0 0 0), 14.026 39.7403 11, 
<+R;read> <+P;phase> <+S;slice>, 0), 1, 1, 256, 11, 0, No)
##$PVM_MbSliceGeoObj=(<BRUKER_SLICEPACKAGE>, GeoCuboidPackId, 
Standard_GobjShape, <PVM_MbSliceGeo>, <PVM_MbObjOrderList>, 0, <R;read> 
<P;phase> <S;slice>, Yes, 4195848)
##$PVM_MbObjOrderList=( 1 )
0
##$PVM_DummyScans=2
##$PVM_DummyScansDur=849.786545454546
##$PVM_NMovieFrames=1
##$TimeForMovieFrames=424.893272727273
##$PVM_EvolutionOnOff=Off
##$PVM_NEvolutionCycles=2
##$PVM_EvolutionCycles=1
##$PVM_EvolutionMode=Constant_Delay
##$PVM_EvolutionTime=( 2 )
1 0
##$PVM_EvolutionDelay=1
##$PVM_EvolutionModuleTime=0
##$PVM_TriggerModule=Off
##$PVM_TriggerMode=per_PhaseStep
##$PVM_TriggerDelay=1
##$PVM_TriggerDur=0.01
##$PVM_TriggerModuleTime=0
##$PVM_TaggingOnOff=Off
##$PVM_TaggingPulEnum=<gauss>
##$PVM_TaggingPul=(0.12, 22833.3333333333, 73.2803224743045, No, 4, 2740, 
0.4181723, 0.298723764675971, 0, 50, 42.4656710251952, <gauss.exc>)
##$PVM_TaggingPulAmpl=(42.4656710251952, 46.0791010248655, -16.2803799101909)
##$PVM_TaggingMode=SPAMM
##$PVM_TaggingDir=Tagging_grid
##$PVM_TaggingDistance=0.50125313283208
##$PVM_TaggingMinDistance=0.001
##$PVM_TaggingThick=0.2
##$PVM_TaggingOffset1=0
##$PVM_TaggingOffset2=0
##$PVM_TaggingAngle=0
##$PVM_TaggingDelay=0.01
##$PVM_TaggingModuleTime=0
##$PVM_TaggingInterPulseDelay=2.2072526193248
##$PVM_TaggingPulseNumber=3
##$PVM_TaggingPulseElement=0.04
##$PVM_TaggingGradientStrength=5
##$PVM_TaggingGridDelay=0.01
##$PVM_TaggingFL=( 2 )
0 0
##$PVM_TaggingD0=1e-05
##$PVM_TaggingD1=1e-05
##$PVM_TaggingD2=0.0020372526193248
##$PVM_TaggingD3=0.00401995135427022
##$PVM_TaggingD4=0.00013
##$PVM_TaggingP0=40
##$PVM_TaggingLp0=2
##$PVM_TaggingGradAmp1=5
##$PVM_TaggingGradAmp2=-0
##$PVM_TaggingGradAmp3=0
##$PVM_TaggingGradAmp4=5
##$PVM_TaggingSpoiler=(No, 3.16585453047648, 4.14995135427022, 
39.7907875000972)
##$PVM_SelIrOnOff=Off
##$PVM_BlBloodOnOff=Off
##$PVM_FatSupOnOff=On
##$PVM_FatSupPulEnum=<Calculated>
##$PVM_FatSupPul=(13.6363636363636, 440, 90, Yes, 4, 6000, 0.155352536733369, 
0.135449017488208, 0, 50, 0.0359407747943495, <$PVM_FatSupPulShape>)
##$PVM_FatSupPulAmpl=(0.0359407747943495, 1.34053673568369, 14.4441256480958)
##$PVM_FatSupBandWidth=440
##$PVM_FatSupSpoil=(Yes, 3, 0.39, 3.57055684547873)
##$PVM_FatSupModuleTime=14.1763636363636
##$PVM_FatSupPerform=Yes
##$PVM_FatSupRampTime=0.13
##$PVM_FatSupGradWait=0.01
##$PVM_FatSupFL=( 1 )
-446.748059149345
##$PVM_FatSupRfLength=13636.3636363636
##$PVM_FatSupSpoilDur=0.39
##$PVM_FatSupSpoilAmp=3.57055684547873
##$PVM_SatTransOnOff=Off
##$PVM_SatTransType=MTC
##$PVM_SatTransPulse=(1.82666666666667, 1500, 117.1, No, 3, 2740, 0.4181723, 
0.298723764675971, 0, 50, 0.467973134936067, <gauss.exc>)
##$PVM_SatTransPulseEnum=<gauss>
##$PVM_SatTransPulseAmpl_uT=10.0017644460368
##$PVM_SatTransFreqInput=by_value
##$PVM_SatTransFreqUnit=unit_hz
##$PVM_SatTransFreqValues=( 1 )
1500
##$PVM_SatTransFreqRanges=( 1, 3 )
0 0 0
##$PVM_SatTransInterPulseDelay=0.01
##$PVM_SatTransNPulses=1
##$PVM_SatTransSpoil=(Yes, 5, 2, 1.16043097478059)
##$PVM_SatTransModuleTime=0
##$PVM_SatTransModuleMeanRFPower=64.2141607344127
##$PVM_SatTransPowerList=( 1 )
0.467973134936067
##$PVM_SatTransRepetitions=1
##$PVM_SatTransRefScan=Off
##$PVM_SatTransFL=( 1 )
1500
##$PVM_StD0=1e-06
##$PVM_StD1=1e-06
##$PVM_StD2=1e-06
##$PVM_StD3=1e-06
##$PVM_StP0=10
##$PVM_FovSatOnOff=Off
##$PVM_FovSatPulEnum=<Calculated>
##$PVM_FovSatPul=(1.2, 5000, 90, Yes, 4, 6000, 0.155352536733369, 
0.135449017488208, 0, 50, 4.64111244761744, <$PVM_FovSatPulShape>)
##$PVM_FovSatPulAmpl=(4.64111244761744, 15.2333719964055, -6.66622090890081)
##$PVM_FovSatNSlices=1
##$PVM_FovSatThick=( 1 )
4
##$PVM_FovSatOffset=( 1 )
0
##$PVM_FovSatSpoil=(Yes, 10, 0.8, 15.9559259032331)
##$PVM_FovSatSpoilDur=0.67
##$PVM_FovSatSpoilAmp=15.9559259032331
##$PVM_FovSatModuleTime=0
##$PVM_FovSatGrad=( 1, 3 )
-6.38237036129322 0 0
##$PVM_FovSatRampTime=0.13
##$PVM_FovSatGradWait=0.01
##$PVM_FovSatSliceOri=( 1 )
sagittal
##$PVM_FovSatSliceVec=( 1, 3 )
1 0 0
##$PVM_FovSatFL=( 1 )
0
##$PVM_FovSatRfLength=1200
##$PVM_FovSatGeoObj=(<BRUKER_FOVSAT>, GeoPlanarId, Standard_GobjShape, 
<PVM_FovSatGeoCub>, <>, 0, <1;first> <2;second> <S;slice>, Yes, 524384)
##$PVM_FovSatGeoCub=( 1 )
(((0 1 0 0 0 -1 -1 0 0, 0 0 0, 0 0 0), 50 50 4, <+1;first> <+2;second> 
<+S;slice>, 0), 1, 1, 1, 4, 0, No)
##$PVM_InFlowSatOnOff=Off
##$PVM_InFlowSatNSlices=1
##$PVM_InFlowSatThick=( 1 )
4
##$PVM_InFlowSatMinThick=0.255294814451729
##$PVM_InFlowSatSliceGap=1
##$PVM_FlowSatGeoObj=(<BRUKER_FLOWSAT>, GeoPlanarId, Standard_GobjShape, 
<PVM_FlowSatGeoCub>, <>, 0, <1;first> <2;second> <S;slice>, Yes, 553191)
##$PVM_FlowSatGeoCub=( 1 )
(((-1 0 0 0 1 0 0 0 -1, 0 0 -6.45, 0 0 0), 42 42 4, <+1;first> <+2;second> 
<+S;slice>, 0), 1, 1, 1, 4, 0, No)
##$PVM_FlowSatPulEnum=<Calculated>
##$PVM_FlowSatPul=(1.2, 5000, 90, Yes, 4, 6000, 0.155352536733369, 
0.135449017488208, 0, 50, 4.64111244761744, <$PVM_FlowSatPulShape>)
##$PVM_FlowSatPulAmpl=(4.64111244761744, 15.2333719964055, -6.66622090890081)
##$PVM_InFlowSatSpoil=(Yes, 5, 0.39, 16.3650522084442)
##$PVM_InFlowSatPos=up
##$PVM_InFlowSatModuleTime=0
##$PVM_InFlowSatFL=( 1 )
10625
##$PVM_SfD0=0.00013
##$PVM_SfD2=0.00039
##$PVM_SfP0=1200
##$PVM_SfLp0=1
##$PVM_MotionSupOnOff=On
##$PVM_DriftCompYesNo=No
##$PVM_DriftCompStore=No
##$PVM_DriftCompUpdateTime=1274.67981818182
##$PVM_DriftCompNavOnOff=On
##$PVM_DriftCompModuleTime=0
##$PVM_DriftCompNavPoints=96
##$PVM_DriftCompNavPulse=(0.548, 5000, 1, No, 3, 2740, 0.4181723, 
0.298723764675971, 0, 50, 0.000379196764047285, <gauss.exc>)
##$PVM_DriftCompNavPulseEnum=<gauss>
##$PVM_DriftCompNavSWh=13157.8947368421
##$PVM_DriftCompNavSpoilYesNo=No
##$PVM_DriftCompNavSpoil=(Yes, 1, 1, 10)
##$PVM_DriftCompStickFreq=No
##$PVM_DriftCompNavD1=7.296
##$PVM_DriftCompNavD2=0
##$PVM_DriftCompNavD3=0.045
##$PVM_DriftCompNavD4=0.065
##$PVM_DriftCompNavD5=0
##$PVM_DriftCompNavP0=548
##$RFSpoiling=No
##$AngioMode=No
##$PVM_MapShimReady=No
##$PVM_MapShimLocShim=No
##$PVM_MapShimStatus=( 128 )
<Mapshim disabled: No map acquired>
##$PVM_MapShimCalcStat=( 256 )
<Not Calculated.>
##$PVM_DynamicShim=( 1, 4 )
0 0 0 0
##$PVM_MapShimNVolumes=1
##$PVM_MapShimVolShape=Cuboid
##$PVM_ReqShimEnum=Current_Shim
##$PVM_MapShimUseShims=AllShims
##$PVM_MapShimVolDerive=No
##$PVM_MapShimVolMargin=( 3 )
0 0 0
##$PVM_DynamicShimEnable=No
##$PVM_DynamicShimConstrainToFast=No
##$PVM_DynamicShimSliceMargin=1
##$PVM_DynamicShimEventDuration=30
##$PVM_AtsNpos=1
##$PVM_AtsOverlap=0
##$PVM_AtsShifts=( 1 )
0
##$PVM_AtsPositions=( 1 )
-0
##$PVM_AtsCentralSetup=Yes
##$PVM_AtsScanPosition=-0
##$PVM_AtsCentralEndPos=Yes
##$PVM_AtsCenterPos=-0
##$PVM_AtsFov=39.7403
##$PVM_AtsResol=-0.206980729166667
##$PVM_AtsMultiPosSupported=Yes
##$PVM_TuneupShimAvailable=Yes
##$PVM_StartupShimAvailable=No
##$PVM_StartupShimCond=TuneupShim
##$GopAdj=Yes
##$IsGrappaAdj=No
##$PVM_AutoRg=( 1 )
(<job0>, 101)
##$PVM_RampTime=0.1
##$PVM_RiseTime=0.13
##$PVM_DynamicShimRisetime=10
##$PVM_RgJob=<job0>
##$PVM_RgValue=101
$$ @vis= MethodFileGroup MethodClass Method MethManagGroup PVM_GeoObj
$$ @vis= PVM_StudyInstrumentPosition PVM_ExportHandler MethodAtsRefPosGroup
$$ @vis= PVM_AtsBedPositionMode PVM_AtsChangeRefPos PVM_AtsRefGeoObj
$$ @vis= PVM_AtsRefGeoCub PVM_AtsRefPosTransferred PVM_EchoTime
$$ @vis= PVM_RepetitionTime PVM_NEchoImages PVM_NAverages PVM_NRepetitions
$$ @vis= PVM_ScanTimeStr PVM_DeriveGains RF_Pulses ExcPulse1Enum ExcPulse1
$$ @vis= Nuclei PVM_GradCalConst PVM_Nucleus1Enum PVM_Nucleus1 PVM_RefPowMod1
$$ @vis= PVM_RefPowCh1 PVM_RefPowStat1 PVM_FrqRef PVM_FrqWorkOffset
$$ @vis= PVM_FrqWork PVM_FrqRefPpm PVM_FrqWorkOffsetPpm PVM_FrqWorkPpm
$$ @vis= PVM_NucleiPpmWork PVM_TxCoilScMode1 Encoding PVM_MbEncAccelFactor
$$ @vis= PVM_MbEncBlipFactor PVM_EncGen3D PVM_EncGen4D PVM_EncGenPpi
$$ @vis= PVM_EncGenCaipirinha PVM_EncGenTCaipirinha PVM_EncVirtualCoils
$$ @vis= PVM_EncCS PVM_EncCSNumRef PVM_EncCSGradOpt PVM_EncCSEllipse
$$ @vis= PVM_EncPftAlgorithm PVM_EncPpiRefScan PVM_IsEpiScan PVM_SpatDimEnum
$$ @vis= PVM_IsotropicFovRes PVM_Matrix PVM_MinMatrix PVM_MaxMatrix
$$ @vis= PVM_DefMatrix PVM_AntiAlias PVM_MaxAntiAlias PVM_EncSpectroscopy
$$ @vis= PVM_EncUseMultiRec PVM_EncActReceivers PVM_EncZf PVM_EncPft
$$ @vis= PVM_EncPftOverscans PVM_EncOrder PVM_EncStart Encoding_Output
$$ @vis= PVM_EncNReceivers PVM_EncAvailReceivers PVM_EncChanScaling
$$ @vis= PVM_EncChanPhase PVM_EncMatrix PVM_EncTotalAccel PVM_EncSteps1
$$ @vis= PVM_EncCentralStep1 PVM_EncValues1 PVM_EncGenSteps0 PVM_EncGenSteps1
$$ @vis= PVM_EncGenSteps2 PVM_EncGenValues1 PVM_EncGenTotalSteps
$$ @vis= PVM_EncGenLoopOuter Sequence_Details PVM_EffSWh PVM_EchoPosition
$$ @vis= EncGradDur PVM_AcquisitionTime ReadSpoiler SliceSpoiler ImageGeometry
$$ @vis= PVM_Isotropic PVM_Fov PVM_MinFov PVM_SpatResol PVM_SliceThick
$$ @vis= PVM_MinSliceThick PVM_ObjOrderScheme PVM_ObjOrderList PVM_NSPacks
$$ @vis= PVM_SPackArrNSlices PVM_MajSliceOri PVM_SPackArrSliceOrient
$$ @vis= PVM_SPackArrReadOrient PVM_SPackArrReadOffset
$$ @vis= PVM_SPackArrPhase1Offset PVM_SPackArrSliceOffset
$$ @vis= PVM_SPackArrSliceGapMode PVM_SPackArrSliceGap
$$ @vis= PVM_SPackArrSliceDistance PVM_SliceGeo PVM_SliceGeoObj
$$ @vis= SliceOffsetPars PVM_MbSliceDist PVM_MbRelSliceDist PVM_MbSliceGeo
$$ @vis= PVM_MbSliceGeoObj PVM_MbObjOrderList Preparation
$$ @vis= DummyScans_Parameters PVM_DummyScans PVM_DummyScansDur
$$ @vis= PVM_NMovieFrames PVM_EvolutionOnOff PVM_TriggerModule
$$ @vis= PVM_TaggingOnOff PVM_SelIrOnOff PVM_SelIrInvTime PVM_SelIrNSlabs
$$ @vis= PVM_SelIrSlabThick PVM_SelIrMinThick PVM_SelIrSlabOffset
$$ @vis= PVM_SelIrPulEnum PVM_SelIrPul PVM_SelIrPulAmpl PVM_SelIrSpoiler
$$ @vis= PVM_SelIrModuleTime PVM_SelIrOffsetHz PVM_SelIrGrad PVM_SelIrFL
$$ @vis= PVM_SelIrD0 PVM_SelIrD1 PVM_SelIrD2 PVM_SelIrD4 PVM_SelIrP0
$$ @vis= PVM_SelIrL0 PVM_BlBloodOnOff PVM_BlBloodInvTime PVM_BlBloodNSlabs
$$ @vis= PVM_BlBloodSlabThick PVM_BlBloodMinThick PVM_BlBloodSlabOffset
$$ @vis= PVM_BlBloodPulEnum PVM_BlBloodPul PVM_BlBloodPulAmpl
$$ @vis= PVM_BlBloodSpoiler PVM_BlBloodModuleTime PVM_BlBloodOffsetHz
$$ @vis= PVM_BlBloodGrad PVM_BlBloodFL PVM_BlbD0 PVM_BlbD1 PVM_BlbD2 PVM_BlbP0
$$ @vis= PVM_FatSupOnOff Fat_Sup_Parameters PVM_FatSupPulEnum PVM_FatSupPul
$$ @vis= PVM_FatSupBandWidth PVM_FatSupSpoil PVM_FatSupModuleTime
$$ @vis= PVM_FatSupPerform PVM_FatSupRampTime PVM_FatSupGradWait PVM_FatSupFL
$$ @vis= PVM_FatSupRfLength PVM_FatSupSpoilDur PVM_FatSupSpoilAmp
$$ @vis= PVM_SatTransOnOff PVM_FovSatOnOff Fov_Sat_Parameters
$$ @vis= PVM_InFlowSatOnOff DriftComp_Parameters PVM_DriftCompYesNo
$$ @vis= PVM_DriftCompNavOnOff PVM_DriftCompNavD1 PVM_DriftCompNavD2
$$ @vis= PVM_DriftCompNavD3 PVM_DriftCompNavD4 PVM_DriftCompNavD5
$$ @vis= PVM_DriftCompNavP0 RFSpoiling AngioMode MapShim PVM_MapShimReady
$$ @vis= PVM_MapShimStatus PVM_DynamicShim PVM_MapShimNVolumes PVM_ReqShimEnum
$$ @vis= PVM_DynamicShimConstrainToFast MethodAtsGroup PVM_AtsNpos
$$ @vis= PVM_AtsScanPosition PVM_AtsCenterPos PVM_AtsMultiPosFov
$$ @vis= PVM_AtsMultiPosSupported StartupShims PVM_TuneupShimAvailable
$$ @vis= PVM_StartupShimAvailable PVM_StartupShimCond GopAdj IsGrappaAdj
$$ @vis= PVM_AutoRg PVM_RampTime PVM_RiseTime PVM_DynamicShimRisetime RgGroup
$$ @vis= PVM_RgJob PVM_RgValue
##END=
$$ File finished by PARX at 2023-07-25 11:20:44.003 +0200
